GEM
  remote: http://rubygems.org/
  specs:
    RedCloth (4.2.9)
    chronic (0.8.0)
    daemons (1.1.9)
    eventmachine (1.0.0)
    haml (3.1.7)
    mysql2 (0.3.11)
    rack (1.4.1)
    rack-protection (1.2.0)
      rack
    sequel (3.41.0)
    sinatra (1.3.3)
      rack (~> 1.3, >= 1.3.6)
      rack-protection (~> 1.2)
      tilt (~> 1.3, >= 1.3.3)
    sqlite3 (1.3.6)
    thin (1.5.0)
      daemons (>= 1.0.9)
      eventmachine (>= 0.12.6)
      rack (>= 1.0.0)
    tilt (1.3.3)

PLATFORMS
  ruby

DEPENDENCIES
  RedCloth
  chronic
  haml
  mysql2
  sequel
  sinatra
  sqlite3
  thin
